PATH
  remote: .
  specs:
    toggl_client (0.0.0)
      faraday (~> 0.8)
      json (~> 1.6)

GEM
  remote: https://rubygems.org/
  specs:
    faraday (0.9.2)
      multipart-post (>= 1.2, < 3)
    json (1.8.3)
    multipart-post (2.0.0)
    vcr (2.9.3)

PLATFORMS
  ruby

DEPENDENCIES
  toggl_client!
  vcr (~> 2.5)

BUNDLED WITH
   1.11.2
